GEM
  remote: https://rubygems.org/
  specs:
    ruby2d (0.12.1)

PLATFORMS
  x64-mingw-ucrt

DEPENDENCIES
  ruby2d

BUNDLED WITH
   2.5.19
